PATH
  remote: .
  specs:
    hyper_active_record (0.0.1)

GEM
  remote: http://rubygems.org/
  specs:

PLATFORMS
  ruby

DEPENDENCIES
  hyper_active_record!
